REDIRECTS: ON
RESTRICTION: >= net451
NUGET
  remote: https://www.nuget.org/api/v2
    AsyncIO (0.1.20)
    Chessie (0.6)
      FSharp.Core  - restriction: && (>= net451) (< netstandard1.6)
      FSharp.Core (>= 4.0.1.7-alpha) - restriction: && (>= net451) (>= netstandard1.6)
      NETStandard.Library (>= 1.6) - restriction: && (>= net451) (>= netstandard1.6)
    FAKE (4.61)
    FSharp.Compiler.Service (12.0.8)
      FSharp.Core (>= 4.1.17) - restriction: && (>= net451) (>= netstandard1.6)
      Microsoft.DiaSymReader (>= 1.1) - restriction: && (>= net451) (>= netstandard1.6)
      Microsoft.DiaSymReader.PortablePdb (>= 1.2) - restriction: && (>= net451) (>= netstandard1.6)
      Microsoft.NETCore.Platforms (>= 1.1) - restriction: && (>= net451) (>= netstandard1.6)
      Microsoft.NETCore.Targets (>= 1.1) - restriction: && (>= net451) (>= netstandard1.6)
      NETStandard.Library (>= 1.6.1) - restriction: && (>= net451) (>= netstandard1.6)
      runtime.native.System (>= 4.3) - restriction: && (>= net451) (>= netstandard1.6)
      runtime.native.System.IO.Compression (>= 4.3) - restriction: && (>= net451) (>= netstandard1.6)
      System.Buffers (>= 4.3) - restriction: && (>= net451) (>= netstandard1.6)
      System.Collections (>= 4.3) - restriction: && (>= net451) (>= netstandard1.6)
      System.Collections.Immutable (>= 1.3) - restriction: && (>= net451) (>= netstandard1.6)
      System.Collections.Immutable (>= 1.3.1) - restriction: && (>= net451) (< netstandard1.6)
      System.Diagnostics.Debug (>= 4.3) - restriction: && (>= net451) (>= netstandard1.6)
      System.Diagnostics.Process (>= 4.1) - restriction: && (>= net451) (>= netstandard1.6)
      System.Diagnostics.TraceSource (>= 4.0) - restriction: && (>= net451) (>= netstandard1.6)
      System.Diagnostics.Tracing (>= 4.3) - restriction: && (>= net451) (>= netstandard1.6)
      System.Globalization (>= 4.3) - restriction: && (>= net451) (>= netstandard1.6)
      System.IO (>= 4.3) - restriction: && (>= net451) (>= netstandard1.6)
      System.IO.Compression (>= 4.3) - restriction: && (>= net451) (>= netstandard1.6)
      System.Linq (>= 4.3) - restriction: && (>= net451) (>= netstandard1.6)
      System.Reflection (>= 4.3) - restriction: && (>= net451) (>= netstandard1.6)
      System.Reflection.Emit (>= 4.3) - restriction: && (>= net451) (>= netstandard1.6)
      System.Reflection.Extensions (>= 4.3) - restriction: && (>= net451) (>= netstandard1.6)
      System.Reflection.Metadata (>= 1.4.1) - restriction: && (>= net451) (>= netstandard1.6)
      System.Reflection.Metadata (>= 1.4.2) - restriction: && (>= net451) (< netstandard1.6)
      System.Reflection.Primitives (>= 4.3) - restriction: && (>= net451) (>= netstandard1.6)
      System.Reflection.TypeExtensions (>= 4.3) - restriction: && (>= net451) (>= netstandard1.6)
      System.Resources.ResourceManager (>= 4.3) - restriction: && (>= net451) (>= netstandard1.6)
      System.Runtime (>= 4.3) - restriction: && (>= net451) (>= netstandard1.6)
      System.Runtime.Extensions (>= 4.3) - restriction: && (>= net451) (>= netstandard1.6)
      System.Runtime.Handles (>= 4.3) - restriction: && (>= net451) (>= netstandard1.6)
      System.Runtime.InteropServices (>= 4.3) - restriction: && (>= net451) (>= netstandard1.6)
      System.Runtime.Loader (>= 4.0) - restriction: && (>= net451) (>= netstandard1.6)
      System.Security.Cryptography.Algorithms (>= 4.3) - restriction: && (>= net451) (>= netstandard1.6)
      System.Text.Encoding (>= 4.3) - restriction: && (>= net451) (>= netstandard1.6)
      System.Text.Encoding.Extensions (>= 4.3) - restriction: && (>= net451) (>= netstandard1.6)
      System.Threading (>= 4.3) - restriction: && (>= net451) (>= netstandard1.6)
      System.Threading.Tasks (>= 4.3) - restriction: && (>= net451) (>= netstandard1.6)
    FSharp.Compiler.Tools (4.1.29)
    FSharp.Core (4.2.1)
      System.Collections (>= 4.0.11) - restriction: && (>= net451) (>= netstandard1.6)
      System.Console (>= 4.0) - restriction: && (>= net451) (>= netstandard1.6)
      System.Diagnostics.Debug (>= 4.0.11) - restriction: && (>= net451) (>= netstandard1.6)
      System.Diagnostics.Tools (>= 4.0.1) - restriction: && (>= net451) (>= netstandard1.6)
      System.Globalization (>= 4.0.11) - restriction: && (>= net451) (>= netstandard1.6)
      System.IO (>= 4.1) - restriction: && (>= net451) (>= netstandard1.6)
      System.Linq (>= 4.1) - restriction: && (>= net451) (>= netstandard1.6)
      System.Linq.Expressions (>= 4.1) - restriction: && (>= net451) (>= netstandard1.6)
      System.Linq.Queryable (>= 4.0.1) - restriction: && (>= net451) (>= netstandard1.6)
      System.Net.Requests (>= 4.0.11) - restriction: && (>= net451) (>= netstandard1.6)
      System.Reflection (>= 4.1) - restriction: && (>= net451) (>= netstandard1.6)
      System.Reflection.Extensions (>= 4.0.1) - restriction: && (>= net451) (>= netstandard1.6)
      System.Resources.ResourceManager (>= 4.0.1) - restriction: && (>= net451) (>= netstandard1.6)
      System.Runtime (>= 4.1) - restriction: && (>= net451) (>= netstandard1.6)
      System.Runtime.Extensions (>= 4.1) - restriction: && (>= net451) (>= netstandard1.6)
      System.Runtime.Numerics (>= 4.0.1) - restriction: && (>= net451) (>= netstandard1.6)
      System.Text.RegularExpressions (>= 4.1) - restriction: && (>= net451) (>= netstandard1.6)
      System.Threading (>= 4.0.11) - restriction: && (>= net451) (>= netstandard1.6)
      System.Threading.Tasks (>= 4.0.11) - restriction: && (>= net451) (>= netstandard1.6)
      System.Threading.Tasks.Parallel (>= 4.0.1) - restriction: && (>= net451) (>= netstandard1.6)
      System.Threading.Thread (>= 4.0) - restriction: && (>= net451) (>= netstandard1.6)
      System.Threading.ThreadPool (>= 4.0.10) - restriction: && (>= net451) (>= netstandard1.6)
      System.Threading.Timer (>= 4.0.1) - restriction: && (>= net451) (>= netstandard1.6)
    FSharp.NET.Sdk (1.0.5) - restriction: && (>= net451) (>= netstandard1.6)
      FSharp.Compiler.Tools (>= 4.1.17)
    Microsoft.DiaSymReader (1.1) - restriction: && (>= net451) (>= netstandard1.6)
      System.Diagnostics.Debug (>= 4.0.11)
      System.Runtime (>= 4.1)
      System.Runtime.InteropServices (>= 4.1)
    Microsoft.DiaSymReader.PortablePdb (1.2) - restriction: && (>= net451) (>= netstandard1.6)
      Microsoft.DiaSymReader (>= 1.1)
      System.Collections (>= 4.3)
      System.Collections.Immutable (>= 1.3.1)
      System.Diagnostics.Debug (>= 4.3)
      System.Globalization (>= 4.3)
      System.IO (>= 4.3)
      System.Linq (>= 4.3)
      System.Reflection (>= 4.3)
      System.Reflection.Metadata (>= 1.4.2)
      System.Reflection.Primitives (>= 4.3)
      System.Runtime (>= 4.3)
      System.Runtime.Extensions (>= 4.3)
      System.Runtime.InteropServices (>= 4.3)
      System.Text.Encoding (>= 4.3)
      System.Threading (>= 4.3)
    Microsoft.NETCore.Platforms (2.0) - restriction: || (&& (>= monotouch) (>= net451)) (&& (< net45) (>= net451) (>= netstandard2.0)) (&& (>= net451) (>= netcoreapp2.0)) (&& (>= net451) (>= netstandard1.6)) (&& (>= net451) (>= xamarinios)) (&& (>= net451) (>= xamarinmac)) (&& (>= net451) (>= xamarintvos)) (&& (>= net451) (>= xamarinwatchos)) (&& (>= net46) (< netstandard1.4) (>= netstandard1.6)) (&& (>= net461) (>= netstandard1.6))
    Microsoft.NETCore.Targets (2.0) - restriction: && (>= net451) (>= netstandard1.6)
    Mono.Cecil (0.10.0-beta6)
    NetMQ (3.3.3.4)
      AsyncIO (>= 0.1.20)
    NETStandard.Library (2.0.1) - restriction: && (>= net451) (>= netstandard1.6)
      Microsoft.NETCore.Platforms (>= 1.1)
    Newtonsoft.Json (10.0.2)
    Paket.Core (4.8.8)
      Chessie (>= 0.6)
      FSharp.Core  - restriction: && (>= net451) (< netstandard1.6)
      FSharp.NET.Sdk (>= 1.0.2) - restriction: && (>= net451) (>= netstandard1.6)
      Mono.Cecil (>= 0.10.0-beta4)
      Newtonsoft.Json  - restriction: && (>= net451) (< netstandard1.6)
      Newtonsoft.Json (>= 10.0.1) - restriction: && (>= net451) (>= netstandard1.6)
      System.Diagnostics.FileVersionInfo (>= 4.3) - restriction: && (>= net451) (>= netstandard1.6)
      System.Diagnostics.Process (>= 4.3) - restriction: && (>= net451) (>= netstandard1.6)
      System.Diagnostics.TraceSource (>= 4.3) - restriction: && (>= net451) (>= netstandard1.6)
      System.Security.Cryptography.Algorithms (>= 4.3) - restriction: && (>= net451) (>= netstandard1.6)
      System.Security.Cryptography.ProtectedData (>= 4.3) - restriction: && (>= net451) (>= netstandard1.6)
      System.Xml.XDocument (>= 4.3) - restriction: && (>= net451) (>= netstandard1.6)
      System.Xml.XPath.XDocument (>= 4.3) - restriction: && (>= net451) (>= netstandard1.6)
      System.Xml.XPath.XmlDocument (>= 4.3) - restriction: && (>= net451) (>= netstandard1.6)
    runtime.native.System (4.3) - restriction: && (>= net451) (>= netstandard1.6)
      Microsoft.NETCore.Platforms (>= 1.1)
      Microsoft.NETCore.Targets (>= 1.1)
    runtime.native.System.IO.Compression (4.3.1) - restriction: && (>= net451) (>= netstandard1.6)
      Microsoft.NETCore.Platforms (>= 1.1)
      Microsoft.NETCore.Targets (>= 1.1.1)
    System.Buffers (4.4) - restriction: && (>= net451) (>= netstandard1.6)
    System.Collections (4.3) - restriction: && (>= net451) (>= netstandard1.6)
    System.Collections.Immutable (1.3.1)
    System.Console (4.3) - restriction: && (>= net451) (>= netstandard1.6)
    System.Diagnostics.Debug (4.3) - restriction: && (>= net451) (>= netstandard1.6)
    System.Diagnostics.FileVersionInfo (4.3) - restriction: && (>= net451) (>= netstandard1.6)
    System.Diagnostics.Process (4.3) - restriction: && (>= net451) (>= netstandard1.6)
    System.Diagnostics.Tools (4.3) - restriction: && (>= net451) (>= netstandard1.6)
    System.Diagnostics.TraceSource (4.3) - restriction: && (>= net451) (>= netstandard1.6)
    System.Diagnostics.Tracing (4.3) - restriction: && (>= net451) (>= netstandard1.6)
    System.Globalization (4.3) - restriction: && (>= net451) (>= netstandard1.6)
    System.IO (4.3) - restriction: && (>= net451) (>= netstandard1.6)
    System.IO.Compression (4.3) - restriction: && (>= net451) (>= netstandard1.6)
    System.Linq (4.3) - restriction: && (>= net451) (>= netstandard1.6)
    System.Linq.Expressions (4.3) - restriction: && (>= net451) (>= netstandard1.6)
    System.Linq.Queryable (4.3) - restriction: && (>= net451) (>= netstandard1.6)
    System.Net.Requests (4.3) - restriction: && (>= net451) (>= netstandard1.6)
    System.Reflection (4.3) - restriction: && (>= net451) (>= netstandard1.6)
    System.Reflection.Emit (4.3) - restriction: && (>= net451) (>= netstandard1.6)
    System.Reflection.Extensions (4.3) - restriction: && (>= net451) (>= netstandard1.6)
    System.Reflection.Metadata (1.4.2)
      System.Collections.Immutable (>= 1.3.1)
    System.Reflection.Primitives (4.3) - restriction: && (>= net451) (>= netstandard1.6)
    System.Reflection.TypeExtensions (4.4) - restriction: && (>= net451) (>= netstandard1.6)
    System.Resources.ResourceManager (4.3) - restriction: && (>= net451) (>= netstandard1.6)
    System.Runtime (4.3) - restriction: && (>= net451) (>= netstandard1.6)
    System.Runtime.Extensions (4.3) - restriction: && (>= net451) (>= netstandard1.6)
    System.Runtime.Handles (4.3) - restriction: && (>= net451) (>= netstandard1.6)
    System.Runtime.InteropServices (4.3) - restriction: && (>= net451) (>= netstandard1.6)
      System.Runtime (>= 4.3) - restriction: || (&& (< net45) (>= net451) (< netstandard1.2)) (&& (< net45) (>= net451) (>= netstandard1.3) (< netstandard1.5)) (&& (< net45) (>= net451) (< netstandard1.3)) (&& (< net45) (>= net451) (>= netstandard1.5)) (&& (>= net451) (>= netcoreapp1.1)) (&& (>= net451) (< portable-net45+win8+wpa81)) (>= net462)
    System.Runtime.Loader (4.3) - restriction: && (>= net451) (>= netstandard1.6)
    System.Runtime.Numerics (4.3) - restriction: && (>= net451) (>= netstandard1.6)
    System.Security.Cryptography.Algorithms (4.3) - restriction: && (>= net451) (>= netstandard1.6)
      System.IO (>= 4.3) - restriction: || (&& (>= net451) (< net46) (>= netstandard1.3) (< netstandard1.4)) (&& (>= net451) (< net46) (>= netstandard1.4) (< netstandard1.6)) (&& (>= net451) (< net46) (>= netstandard1.6)) (&& (>= net451) (< netstandard1.3)) (>= net463)
      System.Runtime (>= 4.3) - restriction: || (&& (>= net451) (< net46) (>= netstandard1.3) (< netstandard1.4)) (&& (>= net451) (< net46) (>= netstandard1.4) (< netstandard1.6)) (&& (>= net451) (< net46) (>= netstandard1.6)) (&& (>= net451) (< netstandard1.3)) (>= net463)
      System.Security.Cryptography.Encoding (>= 4.3) - restriction: || (&& (>= net451) (< net46) (>= netstandard1.6)) (&& (>= net451) (< netstandard1.3)) (>= net463)
      System.Security.Cryptography.Primitives (>= 4.3)
    System.Security.Cryptography.Encoding (4.3) - restriction: || (&& (>= net451) (< net46) (>= netstandard1.6)) (&& (>= net451) (< netstandard1.3) (>= netstandard1.6)) (&& (>= net463) (>= netstandard1.6))
    System.Security.Cryptography.Primitives (4.3) - restriction: || (&& (>= net451) (< net46) (>= netstandard1.6)) (&& (>= net451) (< netstandard1.3) (>= netstandard1.6)) (&& (>= net46) (< netstandard1.4) (>= netstandard1.6)) (&& (>= net463) (>= netstandard1.6))
    System.Security.Cryptography.ProtectedData (4.4) - restriction: && (>= net451) (>= netstandard1.6)
    System.Text.Encoding (4.3) - restriction: && (>= net451) (>= netstandard1.6)
    System.Text.Encoding.Extensions (4.3) - restriction: && (>= net451) (>= netstandard1.6)
    System.Text.RegularExpressions (4.3) - restriction: && (>= net451) (>= netstandard1.6)
    System.Threading (4.3) - restriction: && (>= net451) (>= netstandard1.6)
    System.Threading.Tasks (4.3) - restriction: && (>= net451) (>= netstandard1.6)
    System.Threading.Tasks.Parallel (4.3) - restriction: && (>= net451) (>= netstandard1.6)
    System.Threading.Thread (4.3) - restriction: && (>= net451) (>= netstandard1.6)
    System.Threading.ThreadPool (4.3) - restriction: && (>= net451) (>= netstandard1.6)
    System.Threading.Timer (4.3) - restriction: && (>= net451) (>= netstandard1.6)
    System.Xml.XDocument (4.3) - restriction: && (>= net451) (>= netstandard1.6)
    System.Xml.XmlDocument (4.3) - restriction: || (&& (>= net451) (>= netstandard1.6)) (&& (>= net46) (>= netstandard1.6))
    System.Xml.XPath (4.3) - restriction: || (&& (>= net451) (>= netstandard1.6)) (&& (>= net46) (>= netstandard1.6))
    System.Xml.XPath.XDocument (4.3) - restriction: && (>= net451) (>= netstandard1.6)
      System.Xml.XPath (>= 4.3) - restriction: || (&& (>= net451) (>= netstandard1.3)) (>= net46)
    System.Xml.XPath.XmlDocument (4.3) - restriction: && (>= net451) (>= netstandard1.6)
      System.Xml.XmlDocument (>= 4.3) - restriction: || (&& (>= net451) (>= netstandard1.3)) (>= net46)
      System.Xml.XPath (>= 4.3) - restriction: || (&& (>= net451) (>= netstandard1.3)) (>= net46)
    Trinet.Core.IO.Ntfs (4.0)
    xunit (2.1)
      xunit.assert (2.1)
      xunit.core (2.1)
    xunit.abstractions (2.0)
    xunit.assert (2.1)
    xunit.core (2.1)
      xunit.extensibility.core (2.1)
      xunit.extensibility.execution (2.1)
    xunit.extensibility.core (2.1)
      xunit.abstractions (2.0)
    xunit.extensibility.execution (2.1)
      xunit.extensibility.core (2.1)
    xunit.runner.console (2.1)

GROUP Docs
RESTRICTION: >= net451
NUGET
  remote: https://www.nuget.org/api/v2
    FSharp.Compiler.Service (2.0.0.6)
    FSharp.Formatting (2.14.4)
      FSharp.Compiler.Service (2.0.0.6)
      FSharpVSPowerTools.Core (>= 2.3 < 2.4)
    FSharpVSPowerTools.Core (2.3)
      FSharp.Compiler.Service (>= 2.0.0.3)
